GEM
  remote: https://rubygems.org/
  specs:
    actioncable (6.0.4.5)
      actionpack (= 6.0.4.6)
      nio4r (~> 2.0)
      websocket-driver (>= 0.6.1)
    actionmailbox (6.0.4.6)
      actionpack (= 6.0.4.6)
      activejob (= 6.0.4.6)
      activerecord (= 6.0.4.6)
      activestorage (= 6.0.4.6)
      activesupport (= 6.0.4.6)
      mail (>= 2.7.1)
    actionmailer (6.0.4.6)
      actionpack (= 6.0.4.6)
      actionview (= 6.0.4.6)
      activejob (= 6.0.4.6)
      mail (~> 2.5, >= 2.5.4)
      rails-dom-testing (~> 2.0)
    actionpack (6.0.4.6)
      actionview (= 6.0.4.6)
      activesupport (= 6.0.4.6)
      rack (~> 2.0, >= 2.0.8)
      rack-test (>= 0.6.3)
      rails-dom-testing (~> 2.0)
      rails-html-sanitizer (~> 1.0, >= 1.2.0)
    actiontext (6.0.4.6)
      actionpack (= 6.0.4.6)
      activerecord (= 6.0.4.6)
      activestorage (= 6.0.4.6)
      activesupport (= 6.0.4.6)
      nokogiri (>= 1.8.5)
    actionview (6.0.4.6)
      activesupport (= 6.0.4.6)
      builder (~> 3.1)
      erubi (~> 1.4)
      rails-dom-testing (~> 2.0)
      rails-html-sanitizer (~> 1.1, >= 1.2.0)
    active_record_enumerated_type (0.0.5)
      activesupport
      enumerated_type
      i18n
    activejob (6.0.4.6)
      activesupport (= 6.0.4.6)
      globalid (>= 0.3.6)
    activemodel (6.0.4.6)
      activesupport (= 6.0.4.6)
    activerecord (6.0.4.6)
      activemodel (= 6.0.4.6)
      activesupport (= 6.0.4.6)
    activerecord-import (1.0.2)
      activerecord (>= 3.2)
    activestorage (6.0.4.5)
      actionpack (= 6.0.4.6)
      activejob (= 6.0.4.6)
      activerecord (= 6.0.4.6)
      marcel (~> 1.0.0)
    activesupport (6.0.4.6)
      concurrent-ruby (~> 1.0, >= 1.0.2)
      i18n (>= 0.7, < 2)
      minitest (~> 5.1)
      tzinfo (~> 1.1)
      zeitwerk (~> 2.2, >= 2.2.2)
    addressable (2.8.1)
      public_suffix (>= 2.0.2, < 5.0)
    apollo_upload_server (2.0.1)
      graphql (>= 1.8)
      rails (>= 4.2)
    aqueduct-client (0.1.2.rd458af3)
      faraday
      google-protobuf (~> 3.12)
      twirp (>= 1.1)
    ast (2.4.1)
    azure-core (0.1.15)
      faraday (~> 0.9)
      faraday_middleware (~> 0.10)
      nokogiri (~> 1.6)
    azure-storage-blob (1.1.0)
      azure-core (~> 0.1.13)
      azure-storage-common (~> 1.0)
      nokogiri (~> 1.6, >= 1.6.8)
    azure-storage-common (1.1.0)
      azure-core (~> 0.1.13)
      nokogiri (~> 1.6, >= 1.6.8)
    backport (1.2.0)
    benchmark (0.2.0)
    bootsnap (1.4.6)
      msgpack (~> 1.0)
    builder (3.2.4)
    byebug (11.1.3)
    charlock_holmes (0.7.7)
    chatops-controller (4.1.0.18.ga5eedad)
      actionpack (>= 6.0)
      activesupport (>= 6.0)
    coderay (1.1.3)
    concurrent-ruby (1.1.9)
    crack (0.4.3)
      safe_yaml (~> 1.0.0)
    crass (1.0.6)
    daemons (1.2.6)
    database_cleaner-active_record (2.0.0)
      activerecord (>= 5.a)
      database_cleaner-core (~> 2.0.0)
    database_cleaner-core (2.0.1)
    db-query-matchers (0.10.0)
      activesupport (>= 4.0, < 7)
      rspec (~> 3.0)
    dependency-snapshots-api-proto (0.0.1.racd0a01)
      twirp (~> 1.1)
    diff-lcs (1.4.4)
    digest-crc (0.6.4)
      rake (>= 12.0.0, < 14.0.0)
    dogstatsd-ruby (4.1.0)
    dotenv (2.7.5)
    dotenv-rails (2.7.5)
      dotenv (= 2.7.5)
      railties (>= 3.2, < 6.1)
    e2mmap (0.1.0)
    elasticsearch (6.1.0)
      elasticsearch-api (= 6.1.0)
      elasticsearch-transport (= 6.1.0)
    elasticsearch-api (6.1.0)
      multi_json
    elasticsearch-transport (6.1.0)
      faraday
      multi_json
    enumerated_type (0.5.0)
    erubi (1.10.0)
    escape_utils (1.2.1)
    excon (0.71.1)
    failbot (2.4.3)
    faraday (0.17.4)
      multipart-post (>= 1.2, < 3)
    faraday_middleware (0.14.0)
      faraday (>= 0.7.4, < 1.0)
    ffi (1.15.0)
    flipper (0.17.1)
    flipper-redis (0.17.1)
      flipper (~> 0.17.1)
      redis (>= 2.2, < 5)
    foreman (0.63.0)
      dotenv (>= 0.7)
      thor (>= 0.13.6)
    formatador (0.2.5)
    freno-client (0.8.1)
      faraday (~> 0)
    gemnasium-parser (0.1.9)
    ghconfig (1.0.2)
    github-ds (0.4.0)
      activerecord (>= 3.2)
    github-linguist (7.18.0)
      charlock_holmes (~> 0.7.7)
      escape_utils (~> 1.2.0)
      mini_mime (~> 1.0)
      rugged (>= 0.25.1)
    github-proto-repositories (1.2.11.re9f78aa)
      twirp (~> 1.1)
    globalid (1.0.0)
      activesupport (>= 5.0)
    google-protobuf (3.19.2)
    googleapis-common-protos-types (1.2.0)
      google-protobuf (~> 3.14)
    graphql (1.11.10)
    grpc (1.40.0)
      google-protobuf (~> 3.15)
      googleapis-common-protos-types (~> 1.0)
    guard (2.15.0)
      formatador (>= 0.2.4)
      listen (>= 2.7, < 4.0)
      lumberjack (>= 1.0.12, < 2.0)
      nenv (~> 0.1)
      notiffany (~> 0.0)
      pry (>= 0.9.12)
      shellany (~> 0.0)
      thor (>= 0.18.1)
    guard-compat (1.2.1)
    guard-rspec (4.7.3)
      guard (~> 2.1)
      guard-compat (~> 1.1)
      rspec (>= 2.99.0, < 4.0)
    hashdiff (1.0.1)
    highline (2.0.0)
    httparty (0.17.0)
      mime-types (~> 3.0)
      multi_xml (>= 0.5.2)

PLATFORMS
  ruby

DEPENDENCIES
  active_record_enumerated_type
  activerecord-import (~> 1.0.2)
  apollo_upload_server (= 2.0.1)
  aqueduct-client (= 0.1.2.rd458af3)
  azure-storage-blob
  bootsnap (>= 1.4.6)
  chatops-controller (= 4.1.0.18.ga5eedad)
  daemons
  database_cleaner-active_record
  db-query-matchers
  dependency-snapshots-api-proto (= 0.0.1.racd0a01)
  dogstatsd-ruby (~> 4.1.0)
  dotenv-rails (~> 2.7.5)
  elasticsearch
  excon
  failbot (~> 2.4.0)
  flipper
  flipper-redis
  foreman
  freno-client (~> 0.8.1)
  gemnasium-parser
  ghconfig
  github-ds
  github-linguist (~> 7.0)
  github-proto-repositories (= 1.2.11.re9f78aa)
  google-protobuf (~> 3.19.2)
  graphql (~> 1.11.7)
  grpc (= 1.40.0)
  guard-rspec
  highline
  httparty (~> 0.17.0)
  hydro-client (= 2.0.0.4.g4490178)
  licensed (~> 3.0)
  lightstep
  listen (~> 3.3)
  lograge
  memory_profiler
  mini_portile2
  msgpack
  nokogiri
  opentracing
  parallel_tests
  parslet (~> 1.8.2)
  proto-dependency-graph-api!
  pry-byebug (~> 3.9.0)
  puma (~> 5.6.2)
  puma-plugin-statsd (~> 2.1)
  rack-timeout (~> 0.6.0)
  rails (~> 6.0)
  rantly
  resilient (= 0.4.0)
  resque (= 1.20.0.72.g44299c7)
  resqued (= 0.8.6)
  rexml (>= 3.2.5)
  rspec-rails (~> 3.8)
  rspec_json_dumper
  rubocop (~> 1.0)
  rubocop-github (~> 0.16.0)
  rubocop-performance
  rubocop-rails
  ruby-kafka (~> 1.3.0)
  ruby-prof-flamegraph
  scrolls (~> 0.9.0)
  sinatra (>= 2.1.0)
  solargraph
  spokes-proto (= 0.0.1.r34cc3a8)
  spring
  spring-commands-rspec
  spring-watcher-listen (~> 2.0.0)
  stackprof
  terminal-table (~> 1.6.0)
  timecop (= 0.9.1)
  tomlrb
  tree-sitter (= 0.2.0.rc1)
  trilogy (= 1.0.2)
  trilogy_adapter (= 1.0.0.gb5890be)
  twirp (~> 1.4)
  vcr
  webmock (~> 3.8.3)
  websocket-extensions (>= 0.1.5)
  yarnlock!
  zeitwerk (~> 2.4)

BUNDLED WITH
   2.1.4
